##TITLE= Parameter file, TopSpin 4.0.5
##JCAMPDX= 5.0
##DATATYPE= Parameter Values
##NPOINTS= 1	$$ modification sequence number
##ORIGIN= Bruker BioSpin GmbH
##OWNER= elehmann
$$ 2019-05-17 16:31:50.713 +0200  elehmann@six
$$ /opt/topspin/data/elehmann/nmr/IVTNMR_template/21/acqum
$$ process /opt/topspin4.0.5/prog/mod/edparproc
##$COMMENT= <>
##$ECF= 1
##$ECHOLST= (0..15)
1 1 1 1 1 1 1 1 1 1 1 1 1 1 1 1
##$ECOLLST= (0..15)
1 1 1 1 1 1 1 1 1 1 1 1 1 1 1 1
##$FLIPA= 0
##$FOV1= 0
##$FOV2= 0
##$FOV3= 0
##$FRARE= 1
##$HEADER= <>
##$INSTIT= <>
##$METHOD= <>
##$NECHOES= 1
##$NPROJEC= 32
##$NSLICES= 32
##$PATPOS= 0
##$RUNEXAM= -1
##$SDIST= 1
##$SOANGLE= 0
##$SORIENT= 0
##$SOT= <>
##$SPOS= 0
##$SPOSDIR= <>
##$STHICK= 3
##$T2DIST= 30
##$TINV= 50
##$TREC= 2700
##$TREP= 3000
##$TSCAN= 50000
##END=
